GEM
  remote: http://rubygems.org/
  specs:
    activesupport (4.1.11)
      i18n (~> 0.6, >= 0.6.9)
      json (~> 1.7, >= 1.7.7)
      minitest (~> 5.1)
      thread_safe (~> 0.1)
      tzinfo (~> 1.1)
    concurrent-ruby (1.1.7)
    haml (3.0.24)
    i18n (0.9.5)
      concurrent-ruby (~> 1.0)
    json (1.8.6)
    minitest (5.14.2)
    rack (1.2.1)
    rake (0.8.7)
    rdiscount (1.6.5)
    sinatra (1.1.0)
      rack (~> 1.1)
      tilt (~> 1.1)
    thread_safe (0.3.6)
    tilt (1.1)
    tzinfo (1.2.7)
      thread_safe (~> 0.1)
    vegas (0.1.8)
      rack (>= 1.0.0)
    yajl-ruby (0.7.8)

PLATFORMS
  ruby

DEPENDENCIES
  activesupport (= 4.1.11)
  haml (= 3.0.24)
  rake
  rdiscount
  sinatra
  vegas
  yajl-ruby
